PATH
  remote: /Users/mbleigh/gems/omniauth/oa-core
  specs:
    oa-core (0.0.3)
      rack (~> 1.1)

PATH
  remote: .
  specs:
    oa-openid (0.0.3)
      oa-core (= 0.0.3)
      rack-openid (~> 1.1.1)
      ruby-openid-apps-discovery

GEM
  remote: http://rubygems.org/
  specs:
    addressable (2.2.0)
    crack (0.1.8)
    json (1.4.3)
    mg (0.0.8)
      rake
    rack (1.2.1)
    rack-openid (1.1.1)
      rack (>= 0.4)
      ruby-openid (>= 2.0.3)
    rack-test (0.5.4)
      rack (>= 1.0)
    rake (0.8.7)
    rspec (1.3.0)
    ruby-openid (2.1.8)
    ruby-openid-apps-discovery (1.2.0)
      ruby-openid (>= 2.1.7)
    webmock (1.3.4)
      addressable (>= 2.1.1)
      crack (>= 0.1.7)

PLATFORMS
  ruby

DEPENDENCIES
  json (~> 1.4.3)
  mg (~> 0.0.8)
  oa-core!
  oa-openid!
  rack-test (~> 0.5.4)
  rake
  rspec (~> 1.3.0)
  ruby-openid-apps-discovery
  webmock (~> 1.3.4)
